GEM
  remote: http://rubygems.org/
  specs:
    addressable (2.2.3)
    em-http-request (0.3.0)
      addressable (>= 2.0.0)
      escape_utils
      eventmachine (>= 0.12.9)
    escape_utils (0.1.9)
    eventmachine (0.12.10)
    rack (1.2.0)
    sequel (3.19.0)
    sinatra (1.1.2)
      rack (~> 1.1)
      tilt (~> 1.2)
    tilt (1.2.2)

PLATFORMS
  ruby

DEPENDENCIES
  em-http-request
  eventmachine
  rack (= 1.2.0)
  sequel
  sinatra
