GEM
  remote: http://rubygems.org/
  remote: http://gems.github.com/
  specs:
    addressable (2.2.4)
    em-http-request (0.3.0)
      addressable (>= 2.0.0)
      escape_utils
      eventmachine (>= 0.12.9)
    escape_utils (0.1.9)
    eventmachine (0.12.10)
    hpricot (0.8.3)
    luislavena-sqlite3-ruby (1.2.5)
    rack (1.2.0)
    sequel (3.20.0)
    sinatra (1.1.2)
      rack (~> 1.1)
      tilt (~> 1.2)
    tilt (1.2.2)

PLATFORMS
  ruby

DEPENDENCIES
  em-http-request
  eventmachine
  hpricot
  luislavena-sqlite3-ruby (= 1.2.5)
  rack (= 1.2.0)
  sequel
  sinatra
